GIT
  remote: git://github.com/dblommesteijn/trans-api.git
  revision: 2b1c19db313fe58b5eeaabc8c46155a502260f45
  specs:
    trans-api (0.0.6)
      json (> 1.6.1)
      nokogiri (> 1.5.0)

GEM
  remote: https://rubygems.org/
  specs:
    chronic (0.10.2)
    coderay (1.1.2)
    json (2.1.0)
    method_source (0.9.0)
    mini_portile2 (2.3.0)
    nokogiri (1.8.1)
      mini_portile2 (~> 2.3.0)
    pry (0.11.3)
      coderay (~> 1.1.0)
      method_source (~> 0.9.0)
    pry-doc (0.11.1)
      pry (~> 0.9)
      yard (~> 0.9)
    whenever (0.10.0)
      chronic (>= 0.6.3)
    yard (0.9.12)

PLATFORMS
  ruby

DEPENDENCIES
  pry
  pry-doc
  trans-api!
  whenever

BUNDLED WITH
   1.16.0
